GEM
  remote: https://rubygems.org/
  specs:
    ansirc (1.1.0)
    cinch (2.3.4)
    fmylife (0.6.0)
    forwardable (1.3.2)
    nokogiri (1.11.6-x86_64-linux)
      racc (~> 1.4)
    open-uri (0.1.0)
    pastebin (2.1.0)
    pastebinrb (1.3.1)
    prime (0.1.2)
      forwardable
      singleton
    racc (1.5.2)
    shellwords (0.1.0)
    singleton (0.1.1)

PLATFORMS
  x86_64-linux

DEPENDENCIES
  ansirc
  cinch
  fmylife
  nokogiri
  open-uri
  pastebin
  pastebinrb
  prime
  shellwords

BUNDLED WITH
   2.2.17
